GEM
  remote: http://rubygems.org/
  specs:
    diff-lcs (1.2.5)
    msgpack (1.1.0)
    neovim (0.3.1)
      msgpack (~> 1.0)
    rspec (3.5.0)
      rspec-core (~> 3.5.0)
      rspec-expectations (~> 3.5.0)
      rspec-mocks (~> 3.5.0)
    rspec-core (3.5.4)
      rspec-support (~> 3.5.0)
    rspec-expectations (3.5.0)
      diff-lcs (>= 1.2.0, < 2.0)
      rspec-support (~> 3.5.0)
    rspec-mocks (3.5.0)
      diff-lcs (>= 1.2.0, < 2.0)
      rspec-support (~> 3.5.0)
    rspec-support (3.5.0)

PLATFORMS
  ruby

DEPENDENCIES
  neovim
  rspec

RUBY VERSION
   ruby 2.3.1p112

BUNDLED WITH
   1.14.4
